GEM
  remote: http://rubygems.org/
  specs:
    active_support (3.0.0)
      activesupport (= 3.0.0)
    activesupport (3.0.0)
    i18n (0.6.0)
    log4r (1.1.10)
    nokogiri (1.5.5)

PLATFORMS
  ruby

DEPENDENCIES
  active_support
  i18n
  log4r
  nokogiri
