GEM
  remote: https://rubygems.org/
  specs:
    activesupport (5.0.0)
      concurrent-ruby (~> 1.0, >= 1.0.2)
      i18n (~> 0.7)
      minitest (~> 5.1)
      tzinfo (~> 1.1)
    concurrent-ruby (1.0.2)
    evernote-thrift (1.25.2)
    evernote_oauth (0.2.3)
      evernote-thrift
      oauth (>= 0.4.1)
    i18n (0.7.0)
    log4r (1.1.10)
    mini_portile2 (2.6.1)
    minitest (5.9.0)
    nokogiri (1.12.5)
      mini_portile2 (~> 2.6.1)
      racc (~> 1.4)
    oauth (0.5.1)
    racc (1.5.2)
    thread_safe (0.3.5)
    tzinfo (1.2.2)
      thread_safe (~> 0.1)

PLATFORMS
  ruby

DEPENDENCIES
  activesupport
  evernote_oauth
  i18n
  log4r
  nokogiri

BUNDLED WITH
   1.12.5
